GEM
  remote: http://rubygems.org/
  specs:
    adsf (1.1.1)
      rack (>= 1.0.0)
    colored (1.2)
    cri (2.3.0)
      colored (>= 1.2)
    execjs (1.4.0)
      multi_json (~> 1.0)
    fssm (0.2.10)
    haml (4.0.0)
      tilt
    json (1.7.7)
    listen (0.7.2)
    multi_json (1.6.1)
    nanoc (3.5.0)
      cri (~> 2.2)
    nokogiri (1.5.6)
    rack (1.5.2)
    rack-contrib (1.1.0)
      rack (>= 0.9.1)
    rainpress (1.0)
    rake (10.0.3)
    rb-fsevent (0.9.3)
    rdiscount (2.0.7)
    rubypants (0.2.0)
    sass (3.2.5)
    tilt (1.3.3)
    typogruby (1.0.15)
      rubypants
    uglifier (1.3.0)
      execjs (>= 0.3.0)
      multi_json (~> 1.0, >= 1.0.2)
    w3c_validators (1.2)
      json
      nokogiri

PLATFORMS
  ruby

DEPENDENCIES
  adsf (~> 1.1.0)
  fssm (~> 0.2.0)
  haml (~> 4.0.0)
  listen (~> 0.7.2)
  nanoc (~> 3.5.0)
  nokogiri (~> 1.5.0)
  rack (~> 1.5.0)
  rack-contrib (~> 1.1.0)
  rainpress (~> 1.0.0)
  rake (~> 10.0.0)
  rb-fsevent (~> 0.9.1)
  rdiscount (~> 2.0.0)
  sass (~> 3.2.0)
  typogruby (~> 1.0.15)
  uglifier (~> 1.3.0)
  w3c_validators (~> 1.2.0)
